GEM
  remote: https://rubygems.org/
  specs:
    addressable (2.7.0)
      public_suffix (>= 2.0.2, < 5.0)
    colorize (0.8.1)
    faraday (1.0.1)
      multipart-post (>= 1.2, < 3)
    git (1.11.0)
      rchardet (~> 1.8)
    multipart-post (2.1.1)
    octokit (4.18.0)
      faraday (>= 0.9)
      sawyer (~> 0.8.0, >= 0.5.3)
    public_suffix (4.0.5)
    rake (13.0.1)
    rchardet (1.8.0)
    sawyer (0.8.2)
      addressable (>= 2.3.5)
      faraday (> 0.8, < 2.0)

PLATFORMS
  ruby
  x64-mingw32

DEPENDENCIES
  colorize
  git
  octokit
  rake

BUNDLED WITH
   1.17.2
