GEM
  remote: https://rubygems.org/
  specs:
    colorize (0.8.1)
    rake (10.4.2)

PLATFORMS
  ruby

DEPENDENCIES
  colorize
  rake

BUNDLED WITH
   1.13.6
